GIT
  remote: git://github.com/rodjek/librarian-puppet.git
  revision: a990fedd86bfc65e1253d4db25406640126043c3
  ref: a990fedd86bf
  specs:
    librarian-puppet (0.9.10)
      librarian (>= 0.1.1)

GEM
  remote: https://rubygems.org/
  specs:
    facter (1.7.4)
    hiera (1.3.1)
      json_pure
    highline (1.6.20)
    json_pure (1.8.1)
    librarian (0.1.1)
      highline
      thor (~> 0.15)
    puppet (3.4.2)
      facter (~> 1.6)
      hiera (~> 1.0)
      rgen (~> 0.6.5)
    rgen (0.6.6)
    thor (0.18.1)

PLATFORMS
  ruby

DEPENDENCIES
  librarian-puppet!
  puppet
